PATH
  remote: .
  specs:
    acme_nsupdate (0.3.2)
      acme-client (~> 0.5.0)
      faraday-detailed_logger
      slop (~> 4.0)

GEM
  remote: https://rubygems.org/
  specs:
    acme-client (0.5.0)
      faraday (~> 0.9, >= 0.9.1)
    byebug (9.0.6)
    faraday (0.11.0)
      multipart-post (>= 1.2, < 3)
    faraday-detailed_logger (2.1.1)
      faraday (~> 0.8)
    multipart-post (2.0.0)
    rake (12.0.0)
    slop (4.4.1)

PLATFORMS
  ruby

DEPENDENCIES
  acme_nsupdate!
  bundler (~> 1.10)
  byebug
  rake

BUNDLED WITH
   1.14.3
