PATH
  remote: .
  specs:
    acme_nsupdate (0.2.1)
      acme-client (~> 0.4.0)
      faraday-detailed_logger
      slop (~> 4.0)

GEM
  remote: https://rubygems.org/
  specs:
    acme-client (0.4.0)
      faraday (~> 0.9, >= 0.9.1)
    byebug (9.0.5)
    faraday (0.9.2)
      multipart-post (>= 1.2, < 3)
    faraday-detailed_logger (2.0.0)
      faraday
    multipart-post (2.0.0)
    rake (11.2.2)
    slop (4.3.0)

PLATFORMS
  ruby

DEPENDENCIES
  acme_nsupdate!
  bundler (~> 1.10)
  byebug
  rake

BUNDLED WITH
   1.12.5
