PATH
  remote: ./acme-client
  specs:
    acme-client (0.1.3)
      faraday (~> 0.9, >= 0.9.1)
      json-jwt (~> 1.2, >= 1.2.3)
      url_safe_base64 (~> 0.2, >= 0.2.2)

GEM
  remote: https://rubygems.org/
  specs:
    activesupport (4.2.5)
      i18n (~> 0.7)
      json (~> 1.7, >= 1.7.7)
      minitest (~> 5.1)
      thread_safe (~> 0.3, >= 0.3.4)
      tzinfo (~> 1.1)
    bindata (2.1.0)
    byebug (8.2.1)
    faraday (0.9.2)
      multipart-post (>= 1.2, < 3)
    i18n (0.7.0)
    json (1.8.3)
    json-jwt (1.5.1)
      activesupport
      bindata
      multi_json (>= 1.3)
      securecompare
      url_safe_base64
    minitest (5.8.3)
    multi_json (1.11.2)
    multipart-post (2.0.0)
    securecompare (1.0.0)
    slop (4.2.1)
    thread_safe (0.3.5)
    tzinfo (1.2.2)
      thread_safe (~> 0.1)
    url_safe_base64 (0.2.2)

PLATFORMS
  ruby

DEPENDENCIES
  acme-client!
  byebug
  slop

BUNDLED WITH
   1.10.6
